GEM
  remote: http://rubygems.org/
  specs:
    chunky_png (1.3.7)
    compass (0.12.7)
      chunky_png (~> 1.2)
      fssm (>= 0.2.7)
      sass (~> 3.2.19)
    compass-h5bp (0.1.2)
      compass
    fssm (0.2.10)
    sass (3.2.19)

PLATFORMS
  ruby

DEPENDENCIES
  compass (~> 0.12.2)
  compass-h5bp (~> 0.1.2)
